GEM
  remote: http://rubygems.org/
  specs:
    addressable (2.3.2)
    cool.io (1.1.0)
      iobuffer (>= 1.0.0)
    excon (0.16.1)
    fluentd (0.10.25)
      cool.io (~> 1.1.0)
      http_parser.rb (~> 0.5.1)
      json (>= 1.4.3)
      msgpack (~> 0.4.4)
      yajl-ruby (~> 1.0)
    heroku (2.30.5)
      heroku-api (~> 0.3.4)
      launchy (>= 0.3.2)
      netrc (~> 0.7.7)
      rest-client (~> 1.6.1)
      rubyzip
    heroku-api (0.3.4)
      excon (~> 0.16.1)
    http_parser.rb (0.5.3)
    iobuffer (1.1.2)
    json (1.7.5)
    launchy (2.1.2)
      addressable (~> 2.3)
    mime-types (1.19)
    msgpack (0.4.7)
    netrc (0.7.7)
    rest-client (1.6.7)
      mime-types (>= 1.16)
    rubyzip (0.9.9)
    yajl-ruby (1.1.0)

PLATFORMS
  ruby

DEPENDENCIES
  fluentd
  heroku
